PATH
  remote: .
  specs:
    buildrizpack (0.2)
      atoulme-Antwrap (~> 0.7.2)
      builder (= 2.1.2)
      diff-lcs (= 1.1.3)
      highline (= 1.6.2)
      hoe (= 2.3.3)
      json_pure (= 1.4.3)
      minitar (= 0.5.3)
      net-sftp (= 2.0.5)
      net-ssh (= 2.3.0)
      rake (= 0.9.2.2)
      rjb (= 1.4.0)
      rspec (= 2.9.0)
      rspec-core (= 2.9.0)
      rspec-expectations (= 2.9.0)
      rspec-mocks (= 2.9.0)
      rubyforge (= 2.0.3)
      rubyzip (= 0.9.4)
      xml-simple (= 1.0.12)

GEM
  remote: http://rubygems.org/
  specs:
    RedCloth (4.2.9)
    RedCloth (4.2.9-java)
    albino (1.3.3)
      posix-spawn (>= 0.3.6)
    atoulme-Antwrap (0.7.2)
      rjb (>= 1.0.3)
    atoulme-Antwrap (0.7.2-java)
    builder (2.1.2)
    classifier (1.3.3)
      fast-stemmer (>= 1.0.0)
    diff-lcs (1.1.3)
    directory_watcher (1.4.1)
    fast-stemmer (1.0.1)
    highline (1.6.2)
    hoe (2.3.3)
      rake (>= 0.8.7)
      rubyforge (>= 1.0.4)
    jekyll (0.11.2)
      albino (~> 1.3)
      classifier (~> 1.3)
      directory_watcher (~> 1.1)
      kramdown (~> 0.13)
      liquid (~> 2.3)
      maruku (~> 0.5)
    jekylltask (1.1.0)
      jekyll (>= 0.6.2)
      rake (>= 0.8.7)
    json_pure (1.4.3)
    kramdown (0.13.7)
    liquid (2.3.0)
    maruku (0.6.0)
      syntax (>= 1.0.0)
    minitar (0.5.3)
    net-sftp (2.0.5)
      net-ssh (>= 2.0.9)
    net-ssh (2.3.0)
    posix-spawn (0.3.6)
    pygmentize (0.0.3)
    rake (0.9.2.2)
    rcov (0.9.9)
    rcov (0.9.9-java)
    rdoc (3.8)
    rjb (1.4.0)
    rspec (2.9.0)
      rspec-core (~> 2.9.0)
      rspec-expectations (~> 2.9.0)
      rspec-mocks (~> 2.9.0)
    rspec-core (2.9.0)
    rspec-expectations (2.9.0)
      diff-lcs (~> 1.1.3)
    rspec-mocks (2.9.0)
    rubyforge (2.0.3)
      json_pure (>= 1.1.7)
    rubyzip (0.9.4)
    syntax (1.0.0)
    xml-simple (1.0.12)

PLATFORMS
  java
  ruby

DEPENDENCIES
  RedCloth (= 4.2.9)
  buildrizpack!
  jekyll (= 0.11.2)
  jekylltask (= 1.1.0)
  pygmentize
  rcov (= 0.9.9)
  rdoc (= 3.8)
