PATH
  remote: .
  specs:
    buildrizpack (0.2-java)
      atoulme-Antwrap (= 0.7.1)
      builder (= 2.1.2)
      diff-lcs (= 1.1.2)
      highline (= 1.5.1)
      hoe (= 2.3.3)
      jruby-openssl (>= 0.7)
      json_pure (= 1.4.3)
      minitar (= 0.5.3)
      net-sftp (= 2.0.4)
      net-ssh (= 2.0.23)
      rake (= 0.8.7)
      rspec (= 2.1.0)
      rspec-core (= 2.1.0)
      rspec-expectations (= 2.1.0)
      rspec-mocks (= 2.1.0)
      rubyforge (= 2.0.3)
      rubyzip (= 0.9.4)
      xml-simple (= 1.0.12)

GEM
  remote: http://rubygems.org/
  specs:
    atoulme-Antwrap (0.7.1-java)
    bouncy-castle-java (1.5.0146.1)
    builder (2.1.2)
    ci_reporter (1.6.3)
      builder (>= 2.1.2)
    diff-lcs (1.1.2)
    ffi (1.0.11)
    ffi (1.0.11-java)
    highline (1.5.1)
    hoe (2.3.3)
      rake (>= 0.8.7)
      rubyforge (>= 1.0.4)
    jruby-openssl (0.7.6.1)
      bouncy-castle-java (>= 1.5.0146.1)
    json (1.6.6)
    json (1.6.6-java)
    json_pure (1.4.3)
    minitar (0.5.3)
    net-sftp (2.0.4)
      net-ssh (>= 2.0.9)
    net-ssh (2.0.23)
    nokogiri (1.5.2)
    nokogiri (1.5.2-java)
    pygmentize (0.0.3)
    rake (0.8.7)
    rcov (0.9.9)
    rcov (0.9.9-java)
    rdoc (3.8)
    readline-ffi (0.0.2)
      ffi (>= 1.0.0)
    rspec (2.1.0)
      rspec-core (~> 2.1.0)
      rspec-expectations (~> 2.1.0)
      rspec-mocks (~> 2.1.0)
    rspec-core (2.1.0)
    rspec-expectations (2.1.0)
      diff-lcs (~> 1.1.2)
    rspec-mocks (2.1.0)
    rubyforge (2.0.3)
      json_pure (>= 1.1.7)
    rubyzip (0.9.4)
    sanitize (2.0.3)
      nokogiri (>= 1.4.4, < 1.6)
    sdoc (0.3.11)
      json (>= 1.1.3)
      rdoc (~> 3)
      sanitize (~> 2)
    xml-simple (1.0.12)

PLATFORMS
  java
  ruby

DEPENDENCIES
  buildrizpack!
  bundler
  ci_reporter (= 1.6.3)
  pygmentize
  rcov (= 0.9.9)
  rdoc (>= 3.8)
  readline-ffi
  rubyforge
  sdoc
