PATH
  remote: .
  specs:
    buildrizpack (0.2.1)
      atoulme-Antwrap (~> 0.7.4)
      builder (= 3.1.3)
      bundler
      diff-lcs (= 1.1.3)
      highline (= 1.6.2)
      hoe (= 3.1.0)
      json_pure (= 1.7.5)
      minitar (= 0.5.3)
      net-sftp (= 2.0.5)
      net-ssh (= 2.6.0)
      rake (= 0.9.2.2)
      rjb (= 1.4.2)
      rspec (= 2.11.0)
      rspec-core (= 2.11.1)
      rspec-expectations (= 2.11.3)
      rspec-mocks (= 2.11.3)
      rubyforge (= 2.0.4)
      rubyzip (= 0.9.9)
      xml-simple (= 1.1.1)

GEM
  remote: http://rubygems.org/
  specs:
    RedCloth (4.2.9)
    RedCloth (4.2.9-java)
    Saikuro (1.1.0)
    albino (1.3.3)
      posix-spawn (>= 0.3.6)
    atoulme-Antwrap (0.7.4)
      rjb (>= 1.0.3)
    atoulme-Saikuro (1.2.1)
    builder (3.1.3)
    ci_reporter (1.7.2)
      builder (>= 2.1.2)
    classifier (1.3.3)
      fast-stemmer (>= 1.0.0)
    diff-lcs (1.1.3)
    directory_watcher (1.5.1)
    fast-stemmer (1.0.2)
    highline (1.6.2)
    hoe (3.1.0)
      rake (~> 0.8)
    jekyll (0.11.2)
      albino (~> 1.3)
      classifier (~> 1.3)
      directory_watcher (~> 1.1)
      kramdown (~> 0.13)
      liquid (~> 2.3)
      maruku (~> 0.5)
    jekylltask (1.1.0)
      jekyll (>= 0.6.2)
      rake (>= 0.8.7)
    jruby-pageant (1.1.1)
    json (1.7.7)
    json (1.7.7-java)
    json_pure (1.7.5)
    kramdown (0.14.2)
    liquid (2.5.0)
    maruku (0.6.1)
      syntax (>= 1.0.0)
    minitar (0.5.3)
    net-sftp (2.0.5)
      net-ssh (>= 2.0.9)
    net-ssh (2.6.0)
      jruby-pageant (>= 1.1.1)
    posix-spawn (0.3.6)
    pygmentize (0.0.3)
    rake (0.9.2.2)
    rcov (0.9.9)
    rcov (0.9.9-java)
    rdoc (3.12)
      json (~> 1.4)
    rjb (1.4.2)
    rspec (2.11.0)
      rspec-core (~> 2.11.0)
      rspec-expectations (~> 2.11.0)
      rspec-mocks (~> 2.11.0)
    rspec-core (2.11.1)
    rspec-expectations (2.11.3)
      diff-lcs (~> 1.1.3)
    rspec-mocks (2.11.3)
    rubyforge (2.0.4)
      json_pure (>= 1.1.7)
    rubyzip (0.9.9)
    saikuro_treemap (0.2.0)
      Saikuro
      json_pure
    syntax (1.0.0)
    xml-simple (1.1.1)

PLATFORMS
  java
  ruby

DEPENDENCIES
  RedCloth (= 4.2.9)
  atoulme-Saikuro (= 1.2.1)
  buildrizpack!
  ci_reporter (= 1.7.2)
  jekyll (= 0.11.2)
  jekylltask (= 1.1.0)
  pygmentize (= 0.0.3)
  rcov (= 0.9.9)
  rdoc (= 3.12)
  saikuro_treemap (= 0.2.0)
